GEM
  remote: https://rubygems.org/
  specs:
    activemodel (5.2.1)
      activesupport (= 5.2.1)
    activerecord (5.2.1)
      activemodel (= 5.2.1)
      activesupport (= 5.2.1)
      arel (>= 9.0)
    activesupport (5.2.1)
      concurrent-ruby (~> 1.0, >= 1.0.2)
      i18n (>= 0.7, < 2)
      minitest (~> 5.1)
      tzinfo (~> 1.1)
    addressable (2.5.2)
      public_suffix (>= 2.0.2, < 4.0)
    arel (9.0.0)
    ast (2.4.0)
    axiom-types (0.1.1)
      descendants_tracker (~> 0.0.4)
      ice_nine (~> 0.11.0)
      thread_safe (~> 0.3, >= 0.3.1)
    backports (3.11.4)
    byebug (10.0.2)
    chronic (0.10.2)
    codeclimate-engine-rb (0.4.1)
      virtus (~> 1.0)
    coderay (1.1.2)
    coercible (1.0.0)
      descendants_tracker (~> 0.0.1)
    concurrent-ruby (1.0.5)
    database_cleaner (1.7.0)
    descendants_tracker (0.0.4)
      thread_safe (~> 0.3, >= 0.3.1)
    diff-lcs (1.3)
    docile (1.3.1)
    dotenv (2.5.0)
    equalizer (0.0.11)
    factory_bot (4.11.1)
      activesupport (>= 3.0.0)
    httpi (2.4.4)
      rack
      socksify
    i18n (1.1.1)
      concurrent-ruby (~> 1.0)
    ice_nine (0.11.2)
    jaro_winkler (1.5.1)
    json (2.1.0)
    json-schema (2.8.1)
      addressable (>= 2.4)
    kwalify (0.7.2)
    memory_profiler (0.9.12)
    method_source (0.9.0)
    minitest (5.11.3)
    multi_json (1.13.1)
    mustermann (1.0.3)
    parallel (1.12.1)
    parser (2.5.1.2)
      ast (~> 2.4.0)
    passenger (5.3.5)
      rack
      rake (>= 0.8.1)
    pg (1.1.3)
    polyglot (0.3.5)
    powerpack (0.1.2)
    pry (0.11.3)
      coderay (~> 1.1.0)
      method_source (~> 0.9.0)
    pry-byebug (3.6.0)
      byebug (~> 10.0)
      pry (~> 0.10)
    public_suffix (3.0.3)
    rack (2.0.5)
    rack-protection (2.0.4)
      rack
    rack-test (1.1.0)
      rack (>= 1.0, < 3)
    rainbow (3.0.0)
    rake (12.3.1)
    reek (5.2.0)
      codeclimate-engine-rb (~> 0.4.0)
      kwalify (~> 0.7.0)
      parser (>= 2.5.0.0, < 2.6, != 2.5.1.1)
      rainbow (>= 2.0, < 4.0)
    rspec (3.8.0)
      rspec-core (~> 3.8.0)
      rspec-expectations (~> 3.8.0)
      rspec-mocks (~> 3.8.0)
    rspec-core (3.8.0)
      rspec-support (~> 3.8.0)
    rspec-expectations (3.8.2)
      diff-lcs (>= 1.2.0, < 2.0)
      rspec-support (~> 3.8.0)
    rspec-mocks (3.8.0)
      diff-lcs (>= 1.2.0, < 2.0)
      rspec-support (~> 3.8.0)
    rspec-support (3.8.0)
    rubocop (0.59.2)
      jaro_winkler (~> 1.5.1)
      parallel (~> 1.10)
      parser (>= 2.5, != 2.5.1.1)
      powerpack (~> 0.1)
      rainbow (>= 2.2.2, < 4.0)
      ruby-progressbar (~> 1.7)
      unicode-display_width (~> 1.0, >= 1.0.1)
    rubocop-rspec (1.30.0)
      rubocop (>= 0.58.0)
    ruby-progressbar (1.10.0)
    shoulda-matchers (3.1.2)
      activesupport (>= 4.0.0)
    simplecov (0.16.1)
      docile (~> 1.1)
      json (>= 1.8, < 3)
      simplecov-html (~> 0.10.0)
    simplecov-html (0.10.2)
    sinatra (2.0.4)
      mustermann (~> 1.0)
      rack (~> 2.0)
      rack-protection (= 2.0.4)
      tilt (~> 2.0)
    sinatra-activerecord (2.0.13)
      activerecord (>= 3.2)
      sinatra (>= 1.0)
    sinatra-contrib (2.0.4)
      activesupport (>= 4.0.0)
      backports (>= 2.8.2)
      multi_json
      mustermann (~> 1.0)
      rack-protection (= 2.0.4)
      sinatra (= 2.0.4)
      tilt (>= 1.3, < 3)
    socksify (1.7.1)
    thread_safe (0.3.6)
    tilt (2.0.8)
    treetop (1.6.10)
      polyglot (~> 0.3)
    treetop-dcf (0.2.1)
      treetop (>= 1.2.5)
    tzinfo (1.2.5)
      thread_safe (~> 0.1)
    unicode-display_width (1.4.0)
    virtus (1.0.5)
      axiom-types (~> 0.1)
      coercible (~> 1.0)
      descendants_tracker (~> 0.0, >= 0.0.3)
      equalizer (~> 0.0, >= 0.0.9)
    whenever (0.10.0)
      chronic (>= 0.6.3)
    yard (0.9.16)

PLATFORMS
  ruby

DEPENDENCIES
  activerecord (~> 5.2.1)
  database_cleaner (~> 1.7.0)
  dotenv (~> 2.5.0)
  factory_bot (~> 4.11.1)
  httpi (~> 2.4.4)
  json-schema (~> 2.8.1)
  memory_profiler (~> 0.9.12)
  passenger (~> 5.3.5)
  pg (~> 1.1.3)
  pry-byebug (~> 3.6.0)
  rack-protection (~> 2.0.4)
  rack-test (~> 1.1.0)
  rake (~> 12.3.1)
  reek (~> 5.2.0)
  rspec (~> 3.8.0)
  rubocop (~> 0.59.2)
  rubocop-rspec (~> 1.30.0)
  shoulda-matchers (~> 3.1.2)
  simplecov (~> 0.16.1)
  sinatra (~> 2.0.4)
  sinatra-activerecord (~> 2.0.13)
  sinatra-contrib (~> 2.0.1)
  treetop-dcf (~> 0.2.1)
  whenever (~> 0.10.0)
  yard (~> 0.9.16)

RUBY VERSION
   ruby 2.5.1p57

BUNDLED WITH
   1.16.6
